GEM
  remote: https://rubygems.org/
  specs:
    date (3.3.3)
    debug (1.8.0)
      irb (>= 1.5.0)
      reline (>= 0.3.1)
    io-console (0.6.0)
    irb (1.6.4)
      reline (>= 0.3.0)
    nokogiri (1.15.1-arm64-darwin)
      racc (~> 1.4)
    open-uri (0.3.0)
      stringio
      time
      uri
    racc (1.6.2)
    reline (0.3.4)
      io-console (~> 0.5)
    stringio (3.0.6)
    time (0.2.2)
      date
    uri (0.12.1)

PLATFORMS
  arm64-darwin-21

DEPENDENCIES
  debug
  nokogiri (~> 1.15)
  open-uri (~> 0.3.0)

BUNDLED WITH
   2.4.9
